GEM
  remote: https://rubygems.org/
  specs:
    diff-lcs (1.4.4)
    gosu (1.2.0)
    rspec (3.10.0)
      rspec-core (~> 3.10.0)
      rspec-expectations (~> 3.10.0)
      rspec-mocks (~> 3.10.0)
    rspec-core (3.10.1)
      rspec-support (~> 3.10.0)
    rspec-expectations (3.10.1)
      diff-lcs (>= 1.2.0, < 2.0)
      rspec-support (~> 3.10.0)
    rspec-mocks (3.10.2)
      diff-lcs (>= 1.2.0, < 2.0)
      rspec-support (~> 3.10.0)
    rspec-support (3.10.2)

PLATFORMS
  arm64-darwin-20

DEPENDENCIES
  gosu (~> 1.2)
  rspec (~> 3.5)

BUNDLED WITH
   2.2.15
